GEM
  remote: https://rubygems.org/
  specs:
    coderay (1.1.2)
    diff-lcs (1.3)
    method_source (0.9.2)
    pry (0.12.2)
      coderay (~> 1.1.0)
      method_source (~> 0.9.0)
    rack (2.0.6)
    rack-test (1.1.0)
      rack (>= 1.0, < 3)
    rake (12.3.2)
    rspec (3.8.0)
      rspec-core (~> 3.8.0)
      rspec-expectations (~> 3.8.0)
      rspec-mocks (~> 3.8.0)
    rspec-core (3.8.0)
      rspec-support (~> 3.8.0)
    rspec-expectations (3.8.2)
      diff-lcs (>= 1.2.0, < 2.0)
      rspec-support (~> 3.8.0)
    rspec-mocks (3.8.0)
      diff-lcs (>= 1.2.0, < 2.0)
      rspec-support (~> 3.8.0)
    rspec-support (3.8.0)
    sqlite3 (1.3.13)

PLATFORMS
  ruby

DEPENDENCIES
  pry
  rack-test
  rake
  rspec
  sqlite3 (~> 1.3.6)

BUNDLED WITH
   2.0.1
