GIT
  remote: https://github.com/exKAZUu/ripper2ruby.git
  revision: 058e5144f70dbeb9d66a35993e0e6ef286d190ec
  specs:
    ripper2ruby (0.0.2)

GEM
  remote: http://rubygems.org/
  specs:
    columnize (0.3.6)
    debugger (1.1.3)
      columnize (>= 0.3.1)
      debugger-linecache (~> 1.1.1)
      debugger-ruby_core_source (~> 1.1.2)
    debugger-linecache (1.1.1)
      debugger-ruby_core_source (>= 1.1.1)
    debugger-ruby_core_source (1.1.3)

PLATFORMS
  ruby

DEPENDENCIES
  bundler (> 1.0.0)
  debugger
  ripper2ruby!
