PATH
  remote: .
  specs:
    netlify (0.2.2)
      github_api
      highline
      oauth2 (>= 0.9.2)
      slop

GEM
  remote: https://rubygems.org/
  specs:
    addressable (2.3.3)
    crack (0.3.2)
    descendants_tracker (0.0.4)
      thread_safe (~> 0.3, >= 0.3.1)
    faraday (0.9.2)
      multipart-post (>= 1.2, < 3)
    github_api (0.12.2)
      addressable (~> 2.3)
      descendants_tracker (~> 0.0.4)
      faraday (~> 0.8, < 0.10)
      hashie (>= 3.3)
      multi_json (>= 1.7.5, < 2.0)
      nokogiri (~> 1.6.3)
      oauth2
    hashie (3.4.3)
    highline (1.7.8)
    jwt (1.5.2)
    mini_portile2 (2.1.0)
    minitest (5.0.8)
    multi_json (1.12.1)
    multi_xml (0.5.5)
    multipart-post (2.0.0)
    nokogiri (1.6.8)
      mini_portile2 (~> 2.1.0)
      pkg-config (~> 1.1.7)
    oauth2 (1.0.0)
      faraday (>= 0.8, < 0.10)
      jwt (~> 1.0)
      multi_json (~> 1.3)
      multi_xml (~> 0.5)
      rack (~> 1.2)
    pkg-config (1.1.7)
    rack (1.6.4)
    slop (4.2.0)
    thread_safe (0.3.5)
    webmock (1.11.0)
      addressable (>= 2.2.7)
      crack (>= 0.3.2)

PLATFORMS
  ruby

DEPENDENCIES
  minitest
  netlify!
  webmock
